GEM
  remote: https://rubygems.org/
  specs:
    actionmailer (3.2.11)
      actionpack (= 3.2.11)
      mail (~> 2.4.4)
    actionpack (3.2.11)
      activemodel (= 3.2.11)
      activesupport (= 3.2.11)
      builder (~> 3.0.0)
      erubis (~> 2.7.0)
      journey (~> 1.0.4)
      rack (~> 1.4.0)
      rack-cache (~> 1.2)
      rack-test (~> 0.6.1)
      sprockets (~> 2.2.1)
    activemodel (3.2.11)
      activesupport (= 3.2.11)
      builder (~> 3.0.0)
    activerecord (3.2.11)
      activemodel (= 3.2.11)
      activesupport (= 3.2.11)
      arel (~> 3.0.2)
      tzinfo (~> 0.3.29)
    activerecord-postgres-hstore (0.4.0)
      pg
      rails
      rake
    activeresource (3.2.11)
      activemodel (= 3.2.11)
      activesupport (= 3.2.11)
    activesupport (3.2.11)
      i18n (~> 0.6)
      multi_json (~> 1.0)
    addressable (2.3.2)
    annotate (2.5.0)
      rake
    archive-tar-minitar (0.5.2)
    arel (3.0.2)
    awesome_nested_set (2.1.3)
      activerecord (>= 3.0.0)
    better_errors (0.3.2)
      coderay (>= 1.0.0)
      erubis (>= 2.7.0)
    binding_of_caller (0.6.8)
    bootstrap-generators (2.2.1)
      railties (~> 3.1)
    brightbox (2.3.9)
      capistrano (>= 2.5)
    builder (3.0.4)
    capistrano (2.13.5)
      highline
      net-scp (>= 1.0.0)
      net-sftp (>= 2.0.0)
      net-ssh (>= 2.0.14)
      net-ssh-gateway (>= 1.1.0)
    capistrano-ext (1.2.1)
      capistrano (>= 1.0.0)
    celluloid (0.12.4)
      facter (>= 1.6.12)
      timers (>= 1.0.0)
    chronic (0.6.7)
    coderay (1.0.8)
    coffee-rails (3.2.2)
      coffee-script (>= 2.2.0)
      railties (~> 3.2.0)
    coffee-script (2.2.0)
      coffee-script-source
      execjs
    coffee-script-source (1.4.0)
    columnize (0.3.6)
    connection_pool (1.0.0)
    database_cleaner (0.8.0)
    diff-lcs (1.1.3)
    em-websocket (0.3.8)
      addressable (>= 2.1.1)
      eventmachine (>= 0.12.9)
    erubis (2.7.0)
    eventmachine (0.12.10)
    exception_notification (2.6.1)
      actionmailer (>= 3.0.4)
    execjs (1.4.0)
      multi_json (~> 1.0)
    facter (1.6.17)
    factory_girl (4.0.0)
      activesupport (>= 3.0.0)
    factory_girl_rails (4.0.0)
      factory_girl (~> 4.0.0)
      railties (>= 3.0.0)
    ffi (1.1.4)
    foreigner (1.2.0)
      activerecord (>= 3.0.0)
    guard (1.3.0)
      listen (>= 0.4.2)
      thor (>= 0.14.6)
    guard-bundler (1.0.0)
      bundler (~> 1.0)
      guard (~> 1.1)
    guard-livereload (1.0.0)
      em-websocket (>= 0.2.0)
      guard (>= 1.1.0)
      multi_json (~> 1.0)
    has_scope (0.5.1)
    highline (1.6.15)
    hike (1.2.1)
    i18n (0.6.1)
    immigrant (0.1.2)
      activerecord (>= 3.0)
      foreigner (>= 1.1.6)
    inherited_resources (1.3.1)
      has_scope (~> 0.5.0)
      responders (~> 0.6)
    journey (1.0.4)
    jquery-rails (2.1.4)
      railties (>= 3.0, < 5.0)
      thor (>= 0.14, < 2.0)
    json (1.7.6)
    json_spec (1.0.3)
      multi_json (~> 1.0)
      rspec (~> 2.0)
    jsonify (0.4.1)
      multi_json (~> 1.3)
    kaminari (0.14.1)
      actionpack (>= 3.0.0)
      activesupport (>= 3.0.0)
    linecache19 (0.5.12)
      ruby_core_source (>= 0.1.4)
    listen (0.4.7)
      rb-fchange (~> 0.0.5)
      rb-fsevent (~> 0.9.1)
      rb-inotify (~> 0.8.8)
    mail (2.4.4)
      i18n (>= 0.4.0)
      mime-types (~> 1.16)
      treetop (~> 1.4.8)
    mime-types (1.19)
    multi_json (1.5.0)
    net-scp (1.0.4)
      net-ssh (>= 1.99.1)
    net-sftp (2.0.5)
      net-ssh (>= 2.0.9)
    net-ssh (2.6.2)
    net-ssh-gateway (1.1.0)
      net-ssh (>= 1.99.1)
    newrelic_rpm (3.5.5.38)
    oj (1.4.3)
    pg (0.14.0)
    pg_array_parser (0.0.1)
    polyglot (0.3.3)
    quiet_assets (1.0.1)
      railties (~> 3.1)
    rack (1.4.3)
    rack-cache (1.2)
      rack (>= 0.4)
    rack-cors (0.2.7)
      rack
    rack-livereload (0.3.6)
      rack
    rack-ssl (1.3.2)
      rack
    rack-test (0.6.2)
      rack (>= 1.0)
    rails (3.2.11)
      actionmailer (= 3.2.11)
      actionpack (= 3.2.11)
      activerecord (= 3.2.11)
      activeresource (= 3.2.11)
      activesupport (= 3.2.11)
      bundler (~> 1.0)
      railties (= 3.2.11)
    railties (3.2.11)
      actionpack (= 3.2.11)
      activesupport (= 3.2.11)
      rack-ssl (~> 1.3.2)
      rake (>= 0.8.7)
      rdoc (~> 3.4)
      thor (>= 0.14.6, < 2.0)
    rake (10.0.3)
    rb-fchange (0.0.5)
      ffi
    rb-fsevent (0.9.1)
    rb-inotify (0.8.8)
      ffi (>= 0.5.0)
    rdoc (3.12)
      json (~> 1.4)
    redis (3.0.2)
    redis-namespace (1.2.1)
      redis (~> 3.0.0)
    responders (0.9.3)
      railties (~> 3.1)
    rspec (2.11.0)
      rspec-core (~> 2.11.0)
      rspec-expectations (~> 2.11.0)
      rspec-mocks (~> 2.11.0)
    rspec-core (2.11.1)
    rspec-expectations (2.11.2)
      diff-lcs (~> 1.1.3)
    rspec-mocks (2.11.1)
    rspec-rails (2.11.0)
      actionpack (>= 3.0)
      activesupport (>= 3.0)
      railties (>= 3.0)
      rspec (~> 2.11.0)
    ruby-debug-base19 (0.11.25)
      columnize (>= 0.3.1)
      linecache19 (>= 0.5.11)
      ruby_core_source (>= 0.1.4)
    ruby-debug19 (0.11.6)
      columnize (>= 0.3.1)
      linecache19 (>= 0.5.11)
      ruby-debug-base19 (>= 0.11.19)
    ruby_core_source (0.1.5)
      archive-tar-minitar (>= 0.5.2)
    sass (3.2.3)
    sass-rails (3.2.5)
      railties (~> 3.2.0)
      sass (>= 3.1.10)
      tilt (~> 1.3)
    sidekiq (2.6.2)
      celluloid (~> 0.12.0)
      connection_pool (~> 1.0)
      multi_json (~> 1)
      redis (~> 3)
      redis-namespace
    sidekiq-status (0.1.0)
      sidekiq (~> 2.2)
    simplecov (0.7.1)
      multi_json (~> 1.0)
      simplecov-html (~> 0.7.1)
    simplecov-html (0.7.1)
    sprockets (2.2.2)
      hike (~> 1.2)
      multi_json (~> 1.0)
      rack (~> 1.0)
      tilt (~> 1.1, != 1.3.0)
    thor (0.16.0)
    tilt (1.3.3)
    timers (1.0.2)
    traco (1.0.0)
      activerecord (~> 3.0)
    treetop (1.4.12)
      polyglot
      polyglot (>= 0.3.1)
    tzinfo (0.3.35)
    uglifier (1.3.0)
      execjs (>= 0.3.0)
      multi_json (~> 1.0, >= 1.0.2)
    underscore-rails (1.4.3)
    webrick (1.3.1)
    whenever (0.7.3)
      activesupport (>= 2.3.4)
      chronic (~> 0.6.3)
    yajl-ruby (1.1.0)

PLATFORMS
  ruby

DEPENDENCIES
  activerecord-postgres-hstore
  annotate (>= 2.5.0)
  awesome_nested_set
  better_errors
  binding_of_caller
  bootstrap-generators (~> 2.1)
  brightbox (>= 2.3.9)
  capistrano
  capistrano-ext
  coffee-rails (~> 3.2.1)
  database_cleaner
  exception_notification
  factory_girl_rails (~> 4.0)
  foreigner
  guard-bundler
  guard-livereload
  immigrant
  inherited_resources
  jquery-rails
  json_spec
  jsonify
  kaminari
  newrelic_rpm (>= 3.5.5)
  oj
  pg
  pg_array_parser
  quiet_assets
  rack-cors
  rack-livereload
  rails (= 3.2.11)
  rake (~> 10.0.3)
  rspec-rails
  ruby-debug19
  sass-rails (~> 3.2.3)
  sidekiq
  sidekiq-status
  simplecov
  traco
  uglifier (>= 1.0.3)
  underscore-rails
  webrick (= 1.3.1)
  whenever
  yajl-ruby
