GEM
  remote: https://rubygems.org/
  specs:
    Ascii85 (1.0.3)
    actionmailer (4.1.16)
      actionpack (= 4.1.16)
      actionview (= 4.1.16)
      mail (~> 2.5, >= 2.5.4)
    actionpack (4.1.16)
      actionview (= 4.1.16)
      activesupport (= 4.1.16)
      rack (~> 1.5.2)
      rack-test (~> 0.6.2)
    actionpack-action_caching (1.2.0)
      actionpack (>= 4.0.0, < 6)
    actionpack-page_caching (1.1.1)
      actionpack (>= 4.0.0, < 6)
    actionview (4.1.16)
      activesupport (= 4.1.16)
      builder (~> 3.1)
      erubis (~> 2.7.0)
    active_model_serializers (0.8.4)
      activemodel (>= 3.0)
    activemodel (4.1.16)
      activesupport (= 4.1.16)
      builder (~> 3.1)
    activerecord (4.1.16)
      activemodel (= 4.1.16)
      activesupport (= 4.1.16)
      arel (~> 5.0.0)
    activerecord-postgres-hstore (0.7.8)
      activerecord (>= 3.1)
      pg-hstore (>= 1.1.5)
      rake
    activeresource (4.1.0)
      activemodel (~> 4.0)
      activesupport (~> 4.0)
      rails-observers (~> 0.1.2)
    activesupport (4.1.16)
      i18n (~> 0.6, >= 0.6.9)
      json (~> 1.7, >= 1.7.7)
      minitest (~> 5.1)
      thread_safe (~> 0.1)
      tzinfo (~> 1.1)
    activeuuid (0.6.1)
      activerecord (>= 3.1)
      uuidtools
    acts-as-taggable-on (4.0.0)
      activerecord (>= 4.0)
    addressable (2.8.6)
      public_suffix (>= 2.0.2, < 6.0)
    afm (0.2.2)
    ahoy_matey (1.0.1)
      addressable
      browser (>= 0.4.0)
      geocoder
      referer-parser
      request_store
      user_agent_parser
      uuidtools
    airbrussh (1.5.0)
      sshkit (>= 1.6.1, != 1.7.0)
    annotate (2.5.0)
      rake
    appsignal (1.3.3)
      rack
      thread_safe
    arel (5.0.1.20140414130214)
    ast (2.4.2)
    aws-eventstream (1.2.0)
    aws-sdk (2.11.632)
      aws-sdk-resources (= 2.11.632)
    aws-sdk-core (2.11.632)
      aws-sigv4 (~> 1.0)
      jmespath (~> 1.0)
    aws-sdk-resources (2.11.632)
      aws-sdk-core (= 2.11.632)
    aws-sigv4 (1.6.1)
      aws-eventstream (~> 1, >= 1.0.2)
    barber (0.12.2)
      ember-source (>= 1.0, < 3.1)
      execjs (>= 1.2, < 3)
    bcrypt (3.1.20)
    bcrypt_pbkdf (1.1.0)
    better_errors (1.1.0)
      coderay (>= 1.0.0)
      erubis (>= 2.6.6)
    bootstrap-sass (2.3.2.2)
      sass (~> 3.2)
    brightbox (2.3.9)
      capistrano (>= 2.5)
    browser (0.6.0)
    builder (3.2.4)
    byebug (3.2.0)
      columnize (~> 0.8)
      debugger-linecache (~> 1.2)
    cancan (1.6.10)
    capistrano (3.11.0)
      airbrussh (>= 1.0.0)
      i18n
      rake (>= 10.0.0)
      sshkit (>= 1.9.0)
    capistrano-bundler (1.5.0)
      capistrano (~> 3.1)
    capistrano-local-precompile (1.2.0)
      capistrano (>= 3.8)
    capistrano-maintenance (1.0.0)
      capistrano (>= 3.0)
    capistrano-passenger (0.2.0)
      capistrano (~> 3.0)
    capistrano-rails (1.4.0)
      capistrano (~> 3.1)
      capistrano-bundler (~> 1.1)
    capistrano-rvm (0.1.2)
      capistrano (~> 3.0)
      sshkit (~> 1.2)
    capistrano-sidekiq (1.0.2)
      capistrano (>= 3.9.0)
      sidekiq (>= 3.4)
    capybara (2.2.1)
      mime-types (>= 1.16)
      nokogiri (>= 1.3.3)
      rack (>= 1.0.0)
      rack-test (>= 0.5.4)
      xpath (~> 2.0)
    carrierwave (0.10.0)
      activemodel (>= 3.2.0)
      activesupport (>= 3.2.0)
      json (>= 1.7)
      mime-types (>= 1.16)
    chartkick (1.3.2)
    chronic (0.10.2)
    clerk (0.2.2)
      activerecord (> 3)
      railties (> 3.1)
      sentient_user (>= 0.3.3)
    codeclimate-test-reporter (0.1.1)
      simplecov (>= 0.7.1, < 1.0.0)
    coderay (1.1.3)
    coffee-rails (4.0.1)
      coffee-script (>= 2.2.0)
      railties (>= 4.0.0, < 5.0)
    coffee-script (2.4.1)
      coffee-script-source
      execjs
    coffee-script-source (1.12.2)
    columnize (0.9.0)
    concurrent-ruby (1.2.2)
    connection_pool (2.2.5)
    coveralls (0.7.1)
      multi_json (~> 1.3)
      rest-client
      simplecov (>= 0.7)
      term-ansicolor
      thor
    dalli (2.7.10)
    database_cleaner (1.2.0)
    debugger-linecache (1.2.0)
    devise (4.0.0)
      bcrypt (~> 3.0)
      orm_adapter (~> 0.1)
      railties (>= 4.1.0, < 5.1)
      responders
      warden (~> 1.2.3)
    diff-lcs (1.5.0)
    docile (1.1.5)
    domain_name (0.5.20190701)
      unf (>= 0.0.5, < 1.0.0)
    dotenv (2.0.1)
    dotenv-rails (2.0.1)
      dotenv (= 2.0.1)
    ed25519 (1.2.4)
    em-websocket (0.5.3)
      eventmachine (>= 0.12.9)
      http_parser.rb (~> 0)
    ember-data-source (0.14)
      ember-source
    ember-rails (0.14.1)
      active_model_serializers
      barber (>= 0.4.1)
      ember-data-source
      ember-source
      execjs (>= 1.2)
      handlebars-source
      jquery-rails (>= 1.0.17)
      railties (>= 3.1)
    ember-source (1.6.1)
      handlebars-source (~> 1.0)
    erubis (2.7.0)
    eventmachine (1.2.7)
    execjs (2.9.0)
    factory_girl (4.2.0)
      activesupport (>= 3.0.0)
    factory_girl_rails (4.2.1)
      factory_girl (~> 4.2.0)
      railties (>= 3.0.0)
    ffi (1.15.5)
    font-awesome-rails (4.5.0.1)
      railties (>= 3.2, < 5.1)
    foreigner (1.5.0)
      activerecord (>= 3.0.0)
    formatador (1.1.0)
    geocoder (1.8.2)
    geoip (1.3.5)
    gon (5.2.0)
      actionpack (>= 2.3.0)
      json
      multi_json
      request_store (>= 1.0.5)
    groupdate (2.4.0)
      activesupport (>= 3)
    guard (1.8.3)
      formatador (>= 0.2.4)
      listen (~> 1.3)
      lumberjack (>= 1.0.2)
      pry (>= 0.9.10)
      thor (>= 0.14.6)
    guard-bundler (1.0.0)
      bundler (~> 1.0)
      guard (~> 1.1)
    guard-livereload (1.1.3)
      em-websocket (>= 0.2.0)
      guard (>= 1.5.0)
      multi_json (~> 1.0)
    handlebars-source (1.0.12)
    has_scope (0.7.2)
      actionpack (>= 4.1)
      activesupport (>= 4.1)
    hashery (2.1.2)
    hike (1.2.3)
    http-cookie (1.0.5)
      domain_name (~> 0.5)
    http_parser.rb (0.8.0)
    httparty (0.16.2)
      multi_xml (>= 0.5.2)
    i18n (0.9.5)
      concurrent-ruby (~> 1.0)
    immigrant (0.1.4)
      activerecord (>= 3.0)
      foreigner (>= 1.2.1)
    inherited_resources (1.7.2)
      actionpack (>= 3.2, < 5.2.x)
      has_scope (~> 0.6)
      railties (>= 3.2, < 5.2.x)
      responders
    jmespath (1.6.2)
    jquery-cookie-rails (1.3.1.1)
      railties (>= 3.2.0, < 5.0)
    jquery-mousewheel-rails (0.0.9)
      railties (>= 3.1)
    jquery-rails (2.1.4)
      railties (>= 3.0, < 5.0)
      thor (>= 0.14, < 2.0)
    jquery-ui-rails (4.1.2)
      railties (>= 3.1.0)
    jslint_on_rails (1.1.1)
    json (1.8.6)
    json_spec (1.1.5)
      multi_json (~> 1.0)
      rspec (>= 2.0, < 4.0)
    kaminari (1.2.2)
      activesupport (>= 4.1.0)
      kaminari-actionview (= 1.2.2)
      kaminari-activerecord (= 1.2.2)
      kaminari-core (= 1.2.2)
    kaminari-actionview (1.2.2)
      actionview
      kaminari-core (= 1.2.2)
    kaminari-activerecord (1.2.2)
      activerecord
      kaminari-core (= 1.2.2)
    kaminari-core (1.2.2)
    launchy (2.4.3)
      addressable (~> 2.3)
    listen (1.3.1)
      rb-fsevent (>= 0.9.3)
      rb-inotify (>= 0.9)
      rb-kqueue (>= 0.2)
    lumberjack (1.2.10)
    mail (2.7.1)
      mini_mime (>= 0.1.1)
    memcache-client (1.8.5)
    method_source (1.0.0)
    mime-types (2.99.3)
    mini_mime (1.1.2)
    mini_portile2 (2.4.0)
    minitest (5.15.0)
    multi_json (1.15.0)
    multi_xml (0.6.0)
    mutex_m (0.1.2)
    nested-hstore (0.0.5)
      activerecord
      activerecord-postgres-hstore
      activesupport
    nested_form (0.3.2)
    net-scp (4.0.0)
      net-ssh (>= 2.6.5, < 8.0.0)
    net-ssh (6.1.0)
    netrc (0.11.0)
    nokogiri (1.10.3)
      mini_portile2 (~> 2.4.0)
    oj (2.15.0)
    orm_adapter (0.5.0)
    paper_trail (4.2.0)
      activerecord (>= 3.0, < 6.0)
      activesupport (>= 3.0, < 6.0)
      request_store (~> 1.1)
    parser (2.7.2.0)
      ast (~> 2.4.1)
    pdf-reader (1.4.1)
      Ascii85 (~> 1.0.0)
      afm (~> 0.2.1)
      hashery (~> 2.0)
      ruby-rc4
      ttfunk
    pdfkit (0.8.4.2)
    pg (0.17.1)
    pg-hstore (1.2.0)
    pg_array_parser (0.0.9)
    pg_search (0.6.4)
      activerecord (>= 3.1)
      activesupport (>= 3.1)
      arel
    power_assert (2.0.3)
    powerpack (0.1.3)
    prawn (0.13.2)
      pdf-reader (~> 1.2)
      ruby-rc4
      ttfunk (~> 1.0.3)
    protected_attributes (1.1.4)
      activemodel (>= 4.0.1, < 5.0)
    pry (0.14.2)
      coderay (~> 1.1)
      method_source (~> 1.0)
    public_suffix (4.0.7)
    quiet_assets (1.1.0)
      railties (>= 3.1, < 5.0)
    rack (1.5.5)
    rack-cors (0.3.0)
    rack-livereload (0.3.11)
      rack
    rack-protection (1.5.5)
      rack
    rack-test (0.6.3)
      rack (>= 1.0)
    rails (4.1.16)
      actionmailer (= 4.1.16)
      actionpack (= 4.1.16)
      actionview (= 4.1.16)
      activemodel (= 4.1.16)
      activerecord (= 4.1.16)
      activesupport (= 4.1.16)
      bundler (>= 1.3.0, < 2.0)
      railties (= 4.1.16)
      sprockets-rails (~> 2.0)
    rails-observers (0.1.5)
      activemodel (>= 4.0)
    railties (4.1.16)
      actionpack (= 4.1.16)
      activesupport (= 4.1.16)
      rake (>= 0.8.7)
      thor (>= 0.18.1, < 2.0)
    rainbow (2.2.2)
      rake
    rake (10.0.4)
    rb-fsevent (0.11.2)
    rb-inotify (0.10.1)
      ffi (~> 1.0)
    rb-kqueue (0.2.8)
      ffi (>= 0.5.0)
    rbnacl (4.0.2)
      ffi
    rbnacl-libsodium (1.0.16)
      rbnacl (>= 3.0.1)
    redis (3.3.5)
    redis-actionpack (4.0.1)
      actionpack (~> 4)
      redis-rack (~> 1.5.0)
      redis-store (~> 1.1.0)
    redis-activesupport (4.1.5)
      activesupport (>= 3, < 5)
      redis-store (~> 1.1.0)
    redis-rack (1.5.1)
      rack (~> 1.5)
      redis-store (~> 1.1.0)
    redis-rails (4.0.0)
      redis-actionpack (~> 4)
      redis-activesupport (~> 4)
      redis-store (~> 1.1.0)
    redis-store (1.1.7)
      redis (>= 2.2)
    referer-parser (0.3.0)
    request_store (1.3.2)
    responders (1.1.2)
      railties (>= 3.2, < 4.2)
    rest-client (1.8.0)
      http-cookie (>= 1.0.2, < 2.0)
      mime-types (>= 1.16, < 3.0)
      netrc (~> 0.7)
    rspec (3.0.0)
      rspec-core (~> 3.0.0)
      rspec-expectations (~> 3.0.0)
      rspec-mocks (~> 3.0.0)
    rspec-collection_matchers (1.1.3)
      rspec-expectations (>= 2.99.0.beta1)
    rspec-core (3.0.4)
      rspec-support (~> 3.0.0)
    rspec-expectations (3.0.4)
      diff-lcs (>= 1.2.0, < 2.0)
      rspec-support (~> 3.0.0)
    rspec-mocks (3.0.4)
      rspec-support (~> 3.0.0)
    rspec-rails (3.0.2)
      actionpack (>= 3.0)
      activesupport (>= 3.0)
      railties (>= 3.0)
      rspec-core (~> 3.0.0)
      rspec-expectations (~> 3.0.0)
      rspec-mocks (~> 3.0.0)
      rspec-support (~> 3.0.0)
    rspec-support (3.0.4)
    rubocop (0.40.0)
      parser (>= 2.3.1.0, < 3.0)
      powerpack (~> 0.1)
      rainbow (>= 1.99.1, < 3.0)
      ruby-progressbar (~> 1.7)
      unicode-display_width (~> 1.0, >= 1.0.1)
    ruby-progressbar (1.13.0)
    ruby-rc4 (0.1.5)
    rubyzip (1.1.7)
    sass (3.4.25)
    sass-rails (5.0.7)
      railties (>= 4.0.0, < 6)
      sass (~> 3.1)
      sprockets (>= 2.8, < 4.0)
      sprockets-rails (>= 2.0, < 4.0)
      tilt (>= 1.1, < 3)
    select2-rails (3.5.10)
      thor (~> 0.14)
    sentient_user (0.4.0)
      railties (>= 3.1)
    sidekiq (4.1.1)
      concurrent-ruby (~> 1.0)
      connection_pool (~> 2.2, >= 2.2.0)
      redis (~> 3.2, >= 3.2.1)
    sidekiq-status (0.6.0)
      sidekiq (>= 2.7)
    sidekiq-unique-jobs (4.0.18)
      sidekiq (>= 2.6)
      thor
    simplecov (0.9.1)
      docile (~> 1.1.0)
      multi_json (~> 1.0)
      simplecov-html (~> 0.8.0)
    simplecov-html (0.8.0)
    sinatra (1.3.5)
      rack (~> 1.4)
      rack-protection (~> 1.3)
      tilt (~> 1.3, >= 1.3.3)
    sitemap_generator (5.1.0)
      builder
    slackistrano (0.1.9)
      capistrano (>= 3.0.1)
      json
    slim (1.3.6)
      temple (~> 0.5.5)
      tilt (~> 1.3.3)
    spring (1.7.2)
    sprockets (2.12.5)
      hike (~> 1.2)
      multi_json (~> 1.0)
      rack (~> 1.0)
      tilt (~> 1.1, != 1.3.0)
    sprockets-rails (2.3.3)
      actionpack (>= 3.0)
      activesupport (>= 3.0)
      sprockets (>= 2.8, < 4.0)
    sshkit (1.21.7)
      mutex_m
      net-scp (>= 1.1.2)
      net-ssh (>= 2.8.0)
    susy (2.2.14)
      sass (>= 3.3.0, < 3.5)
    sync (0.5.0)
    temple (0.5.5)
    term-ansicolor (1.7.1)
      tins (~> 1.0)
    test-unit (3.1.5)
      power_assert
    thor (0.20.3)
    thread_safe (0.3.6)
    tilt (1.3.7)
    timecop (0.6.3)
    tins (1.32.1)
      sync
    traco (2.0.0)
      activerecord (>= 3.0)
    ttfunk (1.0.3)
    tzinfo (1.2.11)
      thread_safe (~> 0.1)
    uglifier (2.7.2)
      execjs (>= 0.3.0)
      json (>= 1.8.0)
    underscore-rails (1.4.3)
    unf (0.1.4)
      unf_ext
    unf_ext (0.0.9.1)
    unicode-display_width (1.8.0)
    user_agent_parser (2.5.1)
    uuidtools (2.2.0)
    warden (1.2.7)
      rack (>= 1.0)
    webrick (1.3.1)
    whenever (0.9.4)
      chronic (>= 0.6.3)
    wicked (1.3.3)
      railties (>= 3.0.7)
    wkhtmltopdf-binary (0.9.9.3)
    xpath (2.1.0)
      nokogiri (~> 1.3)
    yajl-ruby (1.1.0)

PLATFORMS
  ruby

DEPENDENCIES
  actionpack-action_caching (= 1.2.0)
  actionpack-page_caching (= 1.1.1)
  active_model_serializers (= 0.8.4)
  activeresource (= 4.1.0)
  activeuuid (= 0.6.1)
  acts-as-taggable-on (= 4.0.0)
  ahoy_matey (= 1.0.1)
  annotate (= 2.5.0)
  appsignal (= 1.3.3)
  aws-sdk (~> 2)
  bcrypt_pbkdf (= 1.1.0)
  better_errors (= 1.1.0)
  bootstrap-sass (= 2.3.2.2)
  brightbox (= 2.3.9)
  byebug (= 3.2.0)
  cancan (= 1.6.10)
  capistrano (= 3.11.0)
  capistrano-bundler (= 1.5.0)
  capistrano-local-precompile (= 1.2.0)
  capistrano-maintenance (= 1.0.0)
  capistrano-passenger (= 0.2.0)
  capistrano-rails (= 1.4.0)
  capistrano-rvm (= 0.1.2)
  capistrano-sidekiq (= 1.0.2)
  capybara (= 2.2.1)
  carrierwave (= 0.10.0)
  chartkick (= 1.3.2)
  clerk (= 0.2.2)
  codeclimate-test-reporter (= 0.1.1)
  coffee-rails (= 4.0.1)
  coveralls (= 0.7.1)
  dalli (= 2.7.10)
  database_cleaner (= 1.2.0)
  devise (= 4.0.0)
  dotenv-rails (= 2.0.1)
  ed25519 (= 1.2.4)
  ember-data-source (= 0.14)
  ember-rails (= 0.14.1)
  ember-source (= 1.6.1)
  factory_girl_rails (= 4.2.1)
  font-awesome-rails (= 4.5.0.1)
  foreigner (= 1.5.0)
  geoip (= 1.3.5)
  gon (= 5.2.0)
  groupdate (= 2.4.0)
  guard-bundler (= 1.0.0)
  guard-livereload (= 1.1.3)
  handlebars-source (= 1.0.12)
  httparty (= 0.16.2)
  immigrant (= 0.1.4)
  inherited_resources (= 1.7.2)
  jquery-cookie-rails (= 1.3.1.1)
  jquery-mousewheel-rails (= 0.0.9)
  jquery-rails (= 2.1.4)
  jquery-ui-rails (= 4.1.2)
  jslint_on_rails (= 1.1.1)
  json_spec (= 1.1.5)
  kaminari (= 1.2.2)
  launchy (= 2.4.3)
  memcache-client (= 1.8.5)
  nested-hstore (= 0.0.5)
  nested_form (= 0.3.2)
  nokogiri (= 1.10.3)
  oj (= 2.15.0)
  paper_trail (= 4.2.0)
  pdfkit (= 0.8.4.2)
  pg (= 0.17.1)
  pg_array_parser (= 0.0.9)
  pg_search (= 0.6.4)
  prawn (= 0.13.2)
  protected_attributes (= 1.1.4)
  quiet_assets (= 1.1.0)
  rack-cors (= 0.3.0)
  rack-livereload (= 0.3.11)
  rails (= 4.1.16)
  rails-observers (= 0.1.5)
  rake (= 10.0.4)
  rbnacl (= 4.0.2)
  rbnacl-libsodium (= 1.0.16)
  redis-rails (= 4.0.0)
  request_store (= 1.3.2)
  rest-client (= 1.8.0)
  rspec-collection_matchers (= 1.1.3)
  rspec-mocks (= 3.0.4)
  rspec-rails (= 3.0.2)
  rubocop (= 0.40.0)
  rubyzip (= 1.1.7)
  sass-rails (= 5.0.7)
  select2-rails (= 3.5.10)
  sidekiq (= 4.1.1)
  sidekiq-status (= 0.6.0)
  sidekiq-unique-jobs (= 4.0.18)
  simplecov (= 0.9.1)
  sinatra (= 1.3.5)
  sitemap_generator (= 5.1.0)
  slackistrano (= 0.1.9)
  slim (= 1.3.6)
  spring
  sprockets (= 2.12.5)
  susy (= 2.2.14)
  test-unit (= 3.1.5)
  timecop (= 0.6.3)
  traco (= 2.0.0)
  uglifier (= 2.7.2)
  underscore-rails (= 1.4.3)
  webrick (= 1.3.1)
  whenever (= 0.9.4)
  wicked (= 1.3.3)
  wkhtmltopdf-binary (= 0.9.9.3)
  yajl-ruby (= 1.1.0)

RUBY VERSION
   ruby 2.3.1p112

BUNDLED WITH
   1.17.3
