GEM
  remote: https://rubygems.org/
  specs:
    Ascii85 (1.0.3)
    actioncable (6.1.7.6)
      actionpack (= 6.1.7.6)
      activesupport (= 6.1.7.6)
      nio4r (~> 2.0)
      websocket-driver (>= 0.6.1)
    actionmailbox (6.1.7.6)
      actionpack (= 6.1.7.6)
      activejob (= 6.1.7.6)
      activerecord (= 6.1.7.6)
      activestorage (= 6.1.7.6)
      activesupport (= 6.1.7.6)
      mail (>= 2.7.1)
    actionmailer (6.1.7.6)
      actionpack (= 6.1.7.6)
      actionview (= 6.1.7.6)
      activejob (= 6.1.7.6)
      activesupport (= 6.1.7.6)
      mail (~> 2.5, >= 2.5.4)
      rails-dom-testing (~> 2.0)
    actionpack (6.1.7.6)
      actionview (= 6.1.7.6)
      activesupport (= 6.1.7.6)
      rack (~> 2.0, >= 2.0.9)
      rack-test (>= 0.6.3)
      rails-dom-testing (~> 2.0)
      rails-html-sanitizer (~> 1.0, >= 1.2.0)
    actiontext (6.1.7.6)
      actionpack (= 6.1.7.6)
      activerecord (= 6.1.7.6)
      activestorage (= 6.1.7.6)
      activesupport (= 6.1.7.6)
      nokogiri (>= 1.8.5)
    actionview (6.1.7.6)
      activesupport (= 6.1.7.6)
      builder (~> 3.1)
      erubi (~> 1.4)
      rails-dom-testing (~> 2.0)
      rails-html-sanitizer (~> 1.1, >= 1.2.0)
    active-model-adapter-source (2.1.1)
      ember-data-source (>= 1.13, < 3.0)
    active_model_serializers (0.8.4)
      activemodel (>= 3.0)
    activejob (6.1.7.6)
      activesupport (= 6.1.7.6)
      globalid (>= 0.3.6)
    activemodel (6.1.7.6)
      activesupport (= 6.1.7.6)
    activerecord (6.1.7.6)
      activemodel (= 6.1.7.6)
      activesupport (= 6.1.7.6)
    activestorage (6.1.7.6)
      actionpack (= 6.1.7.6)
      activejob (= 6.1.7.6)
      activerecord (= 6.1.7.6)
      activesupport (= 6.1.7.6)
      marcel (~> 1.0)
      mini_mime (>= 1.1.0)
    activesupport (6.1.7.6)
      concurrent-ruby (~> 1.0, >= 1.0.2)
      i18n (>= 1.6, < 2)
      minitest (>= 5.1)
      tzinfo (~> 2.0)
      zeitwerk (~> 2.3)
    acts-as-taggable-on (10.0.0)
      activerecord (>= 6.1, < 7.2)
    addressable (2.8.6)
      public_suffix (>= 2.0.2, < 6.0)
    afm (0.2.2)
    ahoy_matey (5.0.2)
      activesupport (>= 6.1)
      device_detector (>= 1)
      safely_block (>= 0.4)
    airbrussh (1.5.1)
      sshkit (>= 1.6.1, != 1.7.0)
    annotate (2.5.0)
      rake
    appsignal (3.5.5)
      rack
    ast (2.4.2)
    aws-eventstream (1.3.0)
    aws-sdk (2.11.632)
      aws-sdk-resources (= 2.11.632)
    aws-sdk-core (2.11.632)
      aws-sigv4 (~> 1.0)
      jmespath (~> 1.0)
    aws-sdk-resources (2.11.632)
      aws-sdk-core (= 2.11.632)
    aws-sigv4 (1.8.0)
      aws-eventstream (~> 1, >= 1.0.2)
    babel-source (5.8.35)
    babel-transpiler (0.7.0)
      babel-source (>= 4.0, < 6)
      execjs (~> 2.0)
    barber (0.12.2)
      ember-source (>= 1.0, < 3.1)
      execjs (>= 1.2, < 3)
    base64 (0.2.0)
    bcrypt (3.1.20)
    bcrypt_pbkdf (1.1.0)
    bigdecimal (3.1.6)
    bindex (0.8.1)
    bootsnap (1.18.3)
      msgpack (~> 1.2)
    bootstrap-sass (2.3.2.2)
      sass (~> 3.2)
    brightbox (2.3.9)
      capistrano (>= 2.5)
    brpoplpush-redis_script (0.1.3)
      concurrent-ruby (~> 1.0, >= 1.0.5)
      redis (>= 1.0, < 6)
    builder (3.2.4)
    byebug (11.1.3)
    cancancan (3.5.0)
    capistrano (3.18.0)
      airbrussh (>= 1.0.0)
      i18n
      rake (>= 10.0.0)
      sshkit (>= 1.9.0)
    capistrano-bundler (1.6.0)
      capistrano (~> 3.1)
    capistrano-local-precompile (1.2.0)
      capistrano (>= 3.8)
    capistrano-maintenance (1.0.0)
      capistrano (>= 3.0)
    capistrano-passenger (0.2.0)
      capistrano (~> 3.0)
    capistrano-rails (1.6.3)
      capistrano (~> 3.1)
      capistrano-bundler (>= 1.1, < 3)
    capistrano-rvm (0.1.2)
      capistrano (~> 3.0)
      sshkit (~> 1.2)
    capistrano-sidekiq (2.3.1)
      capistrano (>= 3.9.0)
      capistrano-bundler
      sidekiq (>= 6.0)
    capybara (3.40.0)
      addressable
      matrix
      mini_mime (>= 0.1.3)
      nokogiri (~> 1.11)
      rack (>= 1.6.0)
      rack-test (>= 0.6.3)
      regexp_parser (>= 1.5, < 3.0)
      xpath (~> 3.2)
    carrierwave (3.0.5)
      activemodel (>= 6.0.0)
      activesupport (>= 6.0.0)
      addressable (~> 2.6)
      image_processing (~> 1.1)
      marcel (~> 1.0.0)
      ssrf_filter (~> 1.0)
    chartkick (5.0.5)
    chronic_duration (0.10.6)
      numerizer (~> 0.1.1)
    codeclimate-test-reporter (0.1.1)
      simplecov (>= 0.7.1, < 1.0.0)
    coffee-rails (5.0.0)
      coffee-script (>= 2.2.0)
      railties (>= 5.2.0)
    coffee-script (2.4.1)
      coffee-script-source
      execjs
    coffee-script-source (1.12.2)
    concurrent-ruby (1.2.3)
    connection_pool (2.4.1)
    coveralls_reborn (0.28.0)
      simplecov (~> 0.22.0)
      term-ansicolor (~> 1.7)
      thor (~> 1.2)
      tins (~> 1.32)
    crass (1.0.6)
    dalli (2.7.10)
    database_cleaner (2.0.2)
      database_cleaner-active_record (>= 2, < 3)
    database_cleaner-active_record (2.1.0)
      activerecord (>= 5.a)
      database_cleaner-core (~> 2.0.0)
    database_cleaner-core (2.0.1)
    date (3.3.4)
    device_detector (1.1.2)
    devise (4.9.3)
      bcrypt (~> 3.0)
      orm_adapter (~> 0.1)
      railties (>= 4.1.0)
      responders
      warden (~> 1.2.3)
    diff-lcs (1.5.1)
    docile (1.4.0)
    dotenv (2.0.1)
    dotenv-rails (2.0.1)
      dotenv (= 2.0.1)
    ed25519 (1.2.4)
    ember-cli-assets (0.0.37)
    ember-data-source (1.13.0)
      ember-source (>= 1.8, < 3.0)
    ember-es6_template (0.6.0)
      babel-transpiler (>= 0.6.0, < 0.8)
      sprockets (>= 2.2, < 4.1)
    ember-handlebars-template (0.8.0)
      barber (>= 0.11.0)
      sprockets (>= 3.3, < 4.1)
    ember-rails (0.21.0)
      active-model-adapter-source (>= 1.13.0)
      active_model_serializers
      ember-cli-assets (~> 0.0.1)
      ember-data-source (>= 1.13.0)
      ember-es6_template (>= 0.4.0, < 0.7)
      ember-handlebars-template (>= 0.1.1, < 1.0)
      ember-source (>= 1.8.0)
      jquery-rails (>= 1.0.17)
      railties (>= 4.2)
    ember-source (1.8.0)
      handlebars-source (~> 1.0)
    erubi (1.12.0)
    et-orbi (1.2.7)
      tzinfo
    execjs (2.9.1)
    factory_bot (5.2.0)
      activesupport (>= 4.2.0)
    factory_bot_rails (5.2.0)
      factory_bot (~> 5.2.0)
      railties (>= 4.2.0)
    ffi (1.16.3)
    fugit (1.9.0)
      et-orbi (~> 1, >= 1.2.7)
      raabro (~> 1.4)
    geoip (1.3.5)
    globalid (1.2.1)
      activesupport (>= 6.1)
    gon (6.4.0)
      actionpack (>= 3.0.20)
      i18n (>= 0.7)
      multi_json
      request_store (>= 1.0)
    groupdate (6.4.0)
      activesupport (>= 6.1)
    handlebars-source (1.0.12)
    has_scope (0.8.2)
      actionpack (>= 5.2)
      activesupport (>= 5.2)
    hashery (2.1.2)
    httparty (0.21.0)
      mini_mime (>= 1.0.0)
      multi_xml (>= 0.5.2)
    i18n (1.14.1)
      concurrent-ruby (~> 1.0)
    image_processing (1.12.2)
      mini_magick (>= 4.9.5, < 5)
      ruby-vips (>= 2.0.17, < 3)
    inherited_resources (1.14.0)
      actionpack (>= 6.0)
      has_scope (>= 0.6)
      railties (>= 6.0)
      responders (>= 2)
    jmespath (1.6.2)
    jquery-rails (4.6.0)
      rails-dom-testing (>= 1, < 3)
      railties (>= 4.2.0)
      thor (>= 0.14, < 2.0)
    jslint_on_rails (1.1.1)
    json (2.7.1)
    json_spec (1.1.5)
      multi_json (~> 1.0)
      rspec (>= 2.0, < 4.0)
    kaminari (1.2.2)
      activesupport (>= 4.1.0)
      kaminari-actionview (= 1.2.2)
      kaminari-activerecord (= 1.2.2)
      kaminari-core (= 1.2.2)
    kaminari-actionview (1.2.2)
      actionview
      kaminari-core (= 1.2.2)
    kaminari-activerecord (1.2.2)
      activerecord
      kaminari-core (= 1.2.2)
    kaminari-core (1.2.2)
    language_server-protocol (3.17.0.3)
    launchy (2.4.3)
      addressable (~> 2.3)
    listen (3.8.0)
      rb-fsevent (~> 0.10, >= 0.10.3)
      rb-inotify (~> 0.9, >= 0.9.10)
    loofah (2.22.0)
      crass (~> 1.0.2)
      nokogiri (>= 1.12.0)
    mail (2.8.1)
      mini_mime (>= 0.1.1)
      net-imap
      net-pop
      net-smtp
    marcel (1.0.2)
    matrix (0.4.2)
    method_source (1.0.0)
    mini_magick (4.12.0)
    mini_mime (1.1.5)
    mini_portile2 (2.8.5)
    minitest (5.22.0)
    mobility (1.2.9)
      i18n (>= 0.6.10, < 2)
      request_store (~> 1.0)
    msgpack (1.7.2)
    multi_json (1.15.0)
    multi_xml (0.6.0)
    mutex_m (0.2.0)
    nested-hstore (0.1.2)
      activerecord
      activesupport
    nested_form (0.3.2)
    net-imap (0.4.10)
      date
      net-protocol
    net-pop (0.1.2)
      net-protocol
    net-protocol (0.2.2)
      timeout
    net-scp (4.0.0)
      net-ssh (>= 2.6.5, < 8.0.0)
    net-sftp (4.0.0)
      net-ssh (>= 5.0.0, < 8.0.0)
    net-smtp (0.4.0.1)
      net-protocol
    net-ssh (7.2.1)
    nio4r (2.7.0)
    nokogiri (1.16.2)
      mini_portile2 (~> 2.8.2)
      racc (~> 1.4)
    numerizer (0.1.1)
    oj (3.16.3)
      bigdecimal (>= 3.0)
    orm_adapter (0.5.0)
    paper_trail (12.3.0)
      activerecord (>= 5.2)
      request_store (~> 1.1)
    parallel (1.24.0)
    parser (3.3.0.5)
      ast (~> 2.4.1)
      racc
    pdf-reader (1.4.1)
      Ascii85 (~> 1.0.0)
      afm (~> 0.2.1)
      hashery (~> 2.0)
      ruby-rc4
      ttfunk
    pdfkit (0.8.7.3)
    pg (1.5.4)
    pg_array_parser (0.0.9)
    pg_search (2.3.6)
      activerecord (>= 5.2)
      activesupport (>= 5.2)
    prawn (0.13.2)
      pdf-reader (~> 1.2)
      ruby-rc4
      ttfunk (~> 1.0.3)
    public_suffix (5.0.4)
    puma (5.6.8)
      nio4r (~> 2.0)
    raabro (1.4.0)
    racc (1.7.3)
    rack (2.2.8)
    rack-mini-profiler (2.3.4)
      rack (>= 1.2.0)
    rack-test (2.1.0)
      rack (>= 1.3)
    rails (6.1.7.6)
      actioncable (= 6.1.7.6)
      actionmailbox (= 6.1.7.6)
      actionmailer (= 6.1.7.6)
      actionpack (= 6.1.7.6)
      actiontext (= 6.1.7.6)
      actionview (= 6.1.7.6)
      activejob (= 6.1.7.6)
      activemodel (= 6.1.7.6)
      activerecord (= 6.1.7.6)
      activestorage (= 6.1.7.6)
      activesupport (= 6.1.7.6)
      bundler (>= 1.15.0)
      railties (= 6.1.7.6)
      sprockets-rails (>= 2.0.0)
    rails-controller-testing (1.0.5)
      actionpack (>= 5.0.1.rc1)
      actionview (>= 5.0.1.rc1)
      activesupport (>= 5.0.1.rc1)
    rails-dom-testing (2.2.0)
      activesupport (>= 5.0.0)
      minitest
      nokogiri (>= 1.6)
    rails-html-sanitizer (1.6.0)
      loofah (~> 2.21)
      nokogiri (~> 1.14)
    railties (6.1.7.6)
      actionpack (= 6.1.7.6)
      activesupport (= 6.1.7.6)
      method_source
      rake (>= 12.2)
      thor (~> 1.0)
    rainbow (3.1.1)
    rake (13.1.0)
    rb-fsevent (0.11.2)
    rb-inotify (0.10.1)
      ffi (~> 1.0)
    rbnacl (4.0.2)
      ffi
    rbnacl-libsodium (1.0.16)
      rbnacl (>= 3.0.1)
    redis (4.8.1)
    regexp_parser (2.9.0)
    request_store (1.5.1)
      rack (>= 1.4)
    responders (3.1.1)
      actionpack (>= 5.2)
      railties (>= 5.2)
    rexml (3.2.6)
    rspec (3.13.0)
      rspec-core (~> 3.13.0)
      rspec-expectations (~> 3.13.0)
      rspec-mocks (~> 3.13.0)
    rspec-collection_matchers (1.2.1)
      rspec-expectations (>= 2.99.0.beta1)
    rspec-core (3.13.0)
      rspec-support (~> 3.13.0)
    rspec-expectations (3.13.0)
      diff-lcs (>= 1.2.0, < 2.0)
      rspec-support (~> 3.13.0)
    rspec-mocks (3.13.0)
      diff-lcs (>= 1.2.0, < 2.0)
      rspec-support (~> 3.13.0)
    rspec-rails (6.1.1)
      actionpack (>= 6.1)
      activesupport (>= 6.1)
      railties (>= 6.1)
      rspec-core (~> 3.12)
      rspec-expectations (~> 3.12)
      rspec-mocks (~> 3.12)
      rspec-support (~> 3.12)
    rspec-support (3.13.0)
    rubocop (1.60.2)
      json (~> 2.3)
      language_server-protocol (>= 3.17.0)
      parallel (~> 1.10)
      parser (>= 3.3.0.2)
      rainbow (>= 2.2.2, < 4.0)
      regexp_parser (>= 1.8, < 3.0)
      rexml (>= 3.2.5, < 4.0)
      rubocop-ast (>= 1.30.0, < 2.0)
      ruby-progressbar (~> 1.7)
      unicode-display_width (>= 2.4.0, < 3.0)
    rubocop-ast (1.30.0)
      parser (>= 3.2.1.0)
    rubocop-capybara (2.20.0)
      rubocop (~> 1.41)
    rubocop-factory_bot (2.25.1)
      rubocop (~> 1.41)
    rubocop-rails (2.23.1)
      activesupport (>= 4.2.0)
      rack (>= 1.1)
      rubocop (>= 1.33.0, < 2.0)
      rubocop-ast (>= 1.30.0, < 2.0)
    rubocop-rspec (2.26.1)
      rubocop (~> 1.40)
      rubocop-capybara (~> 2.17)
      rubocop-factory_bot (~> 2.22)
    ruby-progressbar (1.13.0)
    ruby-rc4 (0.1.5)
    ruby-vips (2.2.0)
      ffi (~> 1.12)
    rubyzip (2.3.2)
    safely_block (0.4.0)
    sass (3.4.25)
    sass-rails (5.1.0)
      railties (>= 5.2.0)
      sass (~> 3.1)
      sprockets (>= 2.8, < 4.0)
      sprockets-rails (>= 2.0, < 4.0)
      tilt (>= 1.1, < 3)
    selenium-webdriver (4.17.0)
      base64 (~> 0.2)
      rexml (~> 3.2, >= 3.2.5)
      rubyzip (>= 1.2.2, < 3.0)
      websocket (~> 1.0)
    sidekiq (6.5.12)
      connection_pool (>= 2.2.5, < 3)
      rack (~> 2.0)
      redis (>= 4.5.0, < 5)
    sidekiq-cron (1.12.0)
      fugit (~> 1.8)
      globalid (>= 1.0.1)
      sidekiq (>= 6)
    sidekiq-status (3.0.3)
      chronic_duration
      sidekiq (>= 6.0, < 8)
    sidekiq-unique-jobs (7.1.31)
      brpoplpush-redis_script (> 0.1.1, <= 2.0.0)
      concurrent-ruby (~> 1.0, >= 1.0.5)
      redis (< 5.0)
      sidekiq (>= 5.0, < 7.0)
      thor (>= 0.20, < 3.0)
    simplecov (0.22.0)
      docile (~> 1.1)
      simplecov-html (~> 0.11)
      simplecov_json_formatter (~> 0.1)
    simplecov-html (0.12.3)
    simplecov_json_formatter (0.1.4)
    sitemap_generator (6.3.0)
      builder (~> 3.0)
    slackistrano (0.1.9)
      capistrano (>= 3.0.1)
      json
    spring (4.1.3)
    sprockets (3.7.2)
      concurrent-ruby (~> 1.0)
      rack (> 1, < 3)
    sprockets-rails (3.4.2)
      actionpack (>= 5.2)
      activesupport (>= 5.2)
      sprockets (>= 3.0.0)
    sshkit (1.22.0)
      mutex_m
      net-scp (>= 1.1.2)
      net-sftp (>= 2.1.2)
      net-ssh (>= 2.8.0)
    ssrf_filter (1.1.2)
    strong_migrations (1.7.0)
      activerecord (>= 5.2)
    susy (2.2.14)
      sass (>= 3.3.0, < 3.5)
    sync (0.5.0)
    term-ansicolor (1.7.1)
      tins (~> 1.0)
    thor (1.3.0)
    tilt (2.3.0)
    timeout (0.4.1)
    tins (1.32.1)
      sync
    ttfunk (1.0.3)
    tzinfo (2.0.6)
      concurrent-ruby (~> 1.0)
    uglifier (4.2.0)
      execjs (>= 0.3.0, < 3)
    unicode-display_width (2.5.0)
    uuidtools (2.2.0)
    warden (1.2.9)
      rack (>= 2.0.9)
    web-console (4.2.1)
      actionview (>= 6.0.0)
      activemodel (>= 6.0.0)
      bindex (>= 0.4.0)
      railties (>= 6.0.0)
    webdrivers (5.2.0)
      nokogiri (~> 1.6)
      rubyzip (>= 1.3.0)
      selenium-webdriver (~> 4.0)
    websocket (1.2.10)
    websocket-driver (0.7.6)
      websocket-extensions (>= 0.1.0)
    websocket-extensions (0.1.5)
    wicked (1.3.4)
      railties (>= 3.0.7)
    wkhtmltopdf-binary (0.12.6.6)
    xpath (3.2.0)
      nokogiri (~> 1.8)
    zeitwerk (2.6.12)

PLATFORMS
  ruby

DEPENDENCIES
  active_model_serializers (= 0.8.4)
  acts-as-taggable-on (~> 10.0)
  ahoy_matey (~> 5.0, >= 5.0.2)
  annotate (= 2.5.0)
  appsignal (~> 3.5, >= 3.5.5)
  aws-sdk (~> 2)
  bcrypt_pbkdf (= 1.1.0)
  bootsnap (>= 1.4.4)
  bootstrap-sass (= 2.3.2.2)
  brightbox (= 2.3.9)
  byebug
  cancancan (~> 3.5)
  capistrano (= 3.18.0)
  capistrano-bundler (= 1.6.0)
  capistrano-local-precompile (= 1.2.0)
  capistrano-maintenance (= 1.0.0)
  capistrano-passenger (= 0.2.0)
  capistrano-rails (= 1.6.3)
  capistrano-rvm (= 0.1.2)
  capistrano-sidekiq (~> 2.3, >= 2.3.1)
  capybara (>= 3.26)
  carrierwave (~> 3.0, >= 3.0.5)
  chartkick (~> 5.0, >= 5.0.5)
  codeclimate-test-reporter (= 0.1.1)
  coffee-rails (~> 5.0)
  coveralls_reborn (~> 0.28.0)
  dalli (= 2.7.10)
  database_cleaner (~> 2.0, >= 2.0.2)
  devise (~> 4.9, >= 4.9.3)
  dotenv-rails (= 2.0.1)
  ed25519 (= 1.2.4)
  ember-data-source (= 1.13.0)
  ember-rails (~> 0.21.0)
  ember-source (= 1.8.0)
  factory_bot_rails (= 5.2.0)
  geoip (= 1.3.5)
  gon (~> 6.4)
  groupdate (~> 6.4)
  handlebars-source (= 1.0.12)
  httparty (~> 0.21.0)
  inherited_resources (~> 1.14)
  jslint_on_rails (= 1.1.1)
  json_spec (~> 1.1, >= 1.1.5)
  kaminari (~> 1.2, >= 1.2.2)
  launchy (= 2.4.3)
  listen (~> 3.3)
  mobility (~> 1.2, >= 1.2.9)
  nested-hstore (~> 0.1.2)
  nested_form (~> 0.3.2)
  nokogiri (~> 1.16)
  oj (~> 3.16, >= 3.16.3)
  paper_trail (= 12.3.0)
  pdfkit (~> 0.8.7.3)
  pg (~> 1.5, >= 1.5.4)
  pg_array_parser (~> 0.0.9)
  pg_search (~> 2.3, >= 2.3.6)
  prawn (= 0.13.2)
  puma (~> 5.0)
  rack-mini-profiler (~> 2.0)
  rails (= 6.1.7.6)
  rails-controller-testing
  rbnacl (= 4.0.2)
  rbnacl-libsodium (= 1.0.16)
  request_store (~> 1.5, >= 1.5.1)
  responders (~> 3.1, >= 3.1.1)
  rspec-collection_matchers (~> 1.2, >= 1.2.1)
  rspec-rails (~> 6.1, >= 6.1.1)
  rubocop-rails
  rubocop-rspec
  rubyzip (~> 2.3, >= 2.3.2)
  sass-rails (~> 5.0)
  selenium-webdriver (>= 4.0.0.rc1)
  sidekiq (< 7)
  sidekiq-cron (~> 1.12)
  sidekiq-status (~> 3.0, >= 3.0.3)
  sidekiq-unique-jobs (= 7.1.31)
  simplecov (~> 0.22.0)
  sitemap_generator (~> 6.3)
  slackistrano (= 0.1.9)
  spring
  sprockets (= 3.7.2)
  sprockets-rails
  strong_migrations (~> 1.7)
  susy (~> 2.2, >= 2.2.14)
  uglifier (>= 1.3.0)
  uuidtools (~> 2.2)
  web-console (>= 4.1.0)
  webdrivers
  wicked (= 1.3.4)
  wkhtmltopdf-binary (~> 0.12.6.6)

RUBY VERSION
   ruby 3.0.6p216

BUNDLED WITH
   1.17.3
